PATH
  remote: .
  specs:
    citysdk (0.1.2.1)
      charlock_holmes (>= 0.6.9.4)
      dbf
      faraday (>= 0.8.5)
      georuby (>= 2.0.0)

GEM
  remote: https://rubygems.org/
  specs:
    charlock_holmes (0.6.9.4)
    dbf (2.0.7)
      fastercsv (~> 1.5.4)
    diff-lcs (1.2.4)
    faraday (0.9.0)
      multipart-post (>= 1.2, < 3)
    fastercsv (1.5.5)
    georuby (2.2.1)
    multipart-post (2.0.0)
    rspec (2.14.0)
      rspec-core (~> 2.14.0)
      rspec-expectations (~> 2.14.0)
      rspec-mocks (~> 2.14.0)
    rspec-core (2.14.0)
    rspec-expectations (2.14.0)
      diff-lcs (>= 1.1.3, < 2.0)
    rspec-mocks (2.14.1)

PLATFORMS
  ruby

DEPENDENCIES
  citysdk!
  rspec
