GIT
  remote: https://github.com/foxdog-studios/citysdk-client.git
  revision: 1aecdb58ca02be22a2edccdcf2a4bbface781a6b
  specs:
    citysdk-client (0.2)
      addressable (~> 2.3.5)
      charlock_holmes (~> 0.6.9.4)
      dbf
      faraday (~> 0.8.5)
      georuby (~> 2.0.0)
      nokogiri (~> 1.6.1)

GIT
  remote: https://github.com/foxdog-studios/citysdk.git
  revision: 0937e35b3905ffaaafb95b6b25d56f2e7b7a2548
  specs:
    citysdk (0.0.2)
      faraday
      rgeo-geojson
      sequel

GIT
  remote: https://github.com/foxdog-studios/sinatra-authentication.git
  revision: 4243f4e7a455decf7dfd7a6b4547bb798995a405
  specs:
    sinatra-authentication (0.4.2)
      dm-core
      dm-migrations
      dm-timestamps
      dm-validations
      rack-flash3
      rufus-tokyo
      sinatra
      sinbook

GEM
  remote: https://rubygems.org/
  specs:
    addressable (2.3.6)
    charlock_holmes (0.6.9.4)
    dbf (2.0.7)
      fastercsv (~> 1.5.4)
    dm-core (1.2.1)
      addressable (~> 2.3)
    dm-migrations (1.2.0)
      dm-core (~> 1.2.0)
    dm-timestamps (1.2.0)
      dm-core (~> 1.2.0)
    dm-validations (1.2.0)
      dm-core (~> 1.2.0)
    docopt (0.5.0)
    faraday (0.8.9)
      multipart-post (~> 1.2.0)
    fastercsv (1.5.5)
    georuby (2.0.0)
    mini_portile (0.6.0)
    multipart-post (1.2.0)
    nokogiri (1.6.2.1)
      mini_portile (= 0.6.0)
    pg (0.17.1)
    rack (1.5.2)
    rack-flash3 (1.0.5)
      rack
    rack-protection (1.5.3)
      rack
    rgeo (0.3.20)
    rgeo-geojson (0.3.1)
      rgeo (~> 0.3)
    rufus-tokyo (1.0.7)
    sequel (4.11.0)
    sinatra (1.4.5)
      rack (~> 1.4)
      rack-protection (~> 1.4)
      tilt (~> 1.3, >= 1.3.4)
    sinbook (0.1.9)
      yajl-ruby
    tilt (1.4.1)
    yajl-ruby (1.2.1)

PLATFORMS
  ruby

DEPENDENCIES
  citysdk!
  citysdk-client!
  docopt
  pg
  sequel
  sinatra-authentication!
