PATH
  remote: ./vendor/citysdk
  specs:
    citysdk (0.1.2.1)
      charlock_holmes (>= 0.6.9.4)
      dbf
      faraday (>= 0.8.5)
      georuby (>= 2.0.0)

GEM
  remote: https://rubygems.org/
  specs:
    active_support (3.0.0)
      activesupport (= 3.0.0)
    activesupport (3.0.0)
    capistrano (2.15.5)
      highline
      net-scp (>= 1.0.0)
      net-sftp (>= 2.0.0)
      net-ssh (>= 2.0.14)
      net-ssh-gateway (>= 1.1.0)
    capistrano-ext (1.2.1)
      capistrano (>= 1.0.0)
    charlock_holmes (0.6.9.4)
    daemons (1.1.9)
    dbf (2.0.7)
      fastercsv (~> 1.5.4)
    eventmachine (1.0.3)
    faraday (0.9.0)
      multipart-post (>= 1.2, < 3)
    fastercsv (1.5.5)
    georuby (2.2.1)
    highline (1.6.20)
    i18n (0.6.9)
    logger (1.2.8)
    mail (2.5.4)
      mime-types (~> 1.16)
      treetop (~> 1.4.8)
    mime-types (1.25.1)
    multipart-post (2.0.0)
    net-scp (1.1.2)
      net-ssh (>= 2.6.5)
    net-sftp (2.1.2)
      net-ssh (>= 2.6.5)
    net-ssh (2.7.0)
    net-ssh-gateway (1.2.0)
      net-ssh (>= 2.6.5)
    pg (0.17.1)
    polyglot (0.3.3)
    pony (1.6.2)
      mail (>= 2.0)
    rack (1.5.2)
    rack-protection (1.5.2)
      rack
    rgeo (0.3.20)
    rgeo-geojson (0.2.3)
      rgeo (>= 0.3.7)
    sequel (4.6.0)
    sinatra (1.4.4)
      rack (~> 1.4)
      rack-protection (~> 1.4)
      tilt (~> 1.3, >= 1.3.4)
    sinatra-sequel (0.9.0)
      sequel (>= 3.2.0)
      sinatra (>= 0.9.4)
    sinatra-session (1.0.0)
      sinatra (>= 1.0)
    thin (1.6.1)
      daemons (>= 1.0.9)
      eventmachine (>= 1.0.0)
      rack (>= 1.0.0)
    tilt (1.4.1)
    treetop (1.4.15)
      polyglot
      polyglot (>= 0.3.1)

PLATFORMS
  ruby

DEPENDENCIES
  active_support
  capistrano (~> 2)
  capistrano-ext
  citysdk!
  faraday
  i18n
  logger
  multipart-post
  pg
  pony
  rgeo
  rgeo-geojson
  sequel
  sinatra
  sinatra-sequel
  sinatra-session
  thin
