PATH
  remote: ./vendor/citysdk
  specs:
    citysdk (0.1.2.1)
      charlock_holmes (>= 0.6.9.4)
      dbf
      faraday (>= 0.8.5)
      georuby (>= 2.0.0)

GEM
  remote: https://rubygems.org/
  specs:
    charlock_holmes (0.6.9.4)
    dbf (2.0.7)
      fastercsv (~> 1.5.4)
    faraday (0.9.0)
      multipart-post (>= 1.2, < 3)
    fastercsv (1.5.5)
    georuby (2.2.1)
    multipart-post (2.0.0)
    pg (0.17.1)
    sequel (4.8.0)
    trollop (2.0)

PLATFORMS
  ruby

DEPENDENCIES
  citysdk!
  pg
  sequel
  trollop
